GEM
  remote: https://rubygems.org/
  specs:
    minitest (5.18.0)
    rake (13.0.6)

PLATFORMS
  arm64-darwin-22

DEPENDENCIES
  minitest (~> 5.18.0)
  rake (~> 13.0.6)

RUBY VERSION
   ruby 3.2.2p53

BUNDLED WITH
   2.4.11
