PATH
  remote: .
  specs:
    footgauntlet (0.1.0)

GEM
  remote: https://rubygems.org/
  specs:
    minitest (5.18.0)
    rake (13.0.6)

PLATFORMS
  arm64-darwin-22

DEPENDENCIES
  footgauntlet!
  minitest (~> 5.18)
  rake (~> 13.0)

BUNDLED WITH
   2.4.11
